PATH
  remote: .
  specs:
    zipstream (0.1.2)

GEM
  remote: http://rubygems.org/
  specs:
    diff-lcs (1.1.3)
    rake (0.9.2.2)
    rspec (2.11.0)
      rspec-core (~> 2.11.0)
      rspec-expectations (~> 2.11.0)
      rspec-mocks (~> 2.11.0)
    rspec-core (2.11.1)
    rspec-expectations (2.11.2)
      diff-lcs (~> 1.1.3)
    rspec-mocks (2.11.1)
    rubyzip (2.0.0)

PLATFORMS
  ruby

DEPENDENCIES
  rake
  rspec (~> 2.8)
  rubyzip
  zipstream!
